GIT
  remote: git://github.com/seancribbs/ripple.git
  revision: 3595941bfc1615e2b10198bdcc8640074c47e560
  specs:
    riak-client (1.0.0.pre)
      beefcake (= 0.3.2)
      builder (>= 2.1.2)
      i18n (>= 0.4.0)
      multi_json (~> 1.0.0)
    ripple (1.0.0.pre)
      activemodel (< 3.2.0, >= 3.0.0)
      activesupport (< 3.2.0, >= 3.0.0)
      riak-client (~> 1.0.0.pre)
      tzinfo

GEM
  remote: http://rubygems.org/
  specs:
    activemodel (3.0.5)
      activesupport (= 3.0.5)
      builder (~> 2.1.2)
      i18n (~> 0.4)
    activesupport (3.0.5)
    async-rack (0.5.1)
      rack (~> 1.1)
    beefcake (0.3.2)
    builder (2.1.2)
    em-synchrony (0.3.0.beta.1)
      eventmachine (>= 1.0.0.beta.1)
    eventmachine (1.0.0.beta.3)
    goliath (0.9.2)
      async-rack
      em-synchrony (>= 0.3.0.beta.1)
      eventmachine (>= 1.0.0.beta.3)
      http_parser.rb
      http_router (~> 0.8.9)
      log4r
      multi_json
      rack (>= 1.2.2)
      rack-contrib
      rack-respond_to
    guard (0.6.0)
      thor (~> 0.14.6)
    guard-rspec (0.4.1)
      guard (>= 0.4.0)
    http_parser.rb (0.5.1)
    http_router (0.8.11)
      rack (>= 1.0.0)
      url_mount (~> 0.2.1)
    i18n (0.6.0)
    log4r (1.1.9)
    multi_json (1.0.3)
    pg (0.11.0)
    rack (1.3.2)
    rack-accept-media-types (0.9)
    rack-contrib (1.1.0)
      rack (>= 0.9.1)
    rack-respond_to (0.9.8)
      rack-accept-media-types (>= 0.6)
    sequel (3.26.0)
    thor (0.14.6)
    tzinfo (0.3.29)
    url_mount (0.2.1)
      rack

PLATFORMS
  ruby

DEPENDENCIES
  goliath
  guard-rspec
  pg
  ripple!
  sequel
